PATH
  remote: .
  specs:
    fit-commit (1.0.0)
      swearjar (~> 1.0)

GEM
  remote: https://rubygems.org/
  specs:
    fuzzyhash (0.0.11)
    minitest (5.8.0)
    rake (10.4.2)
    swearjar (1.0.0)
      fuzzyhash (~> 0.0.11)

PLATFORMS
  ruby

DEPENDENCIES
  fit-commit!
  minitest (~> 5.8)
  rake (~> 10.4)

BUNDLED WITH
   1.10.6
